GEM
  remote: https://rubygems.org/
  specs:

PLATFORMS
  ruby
  x86_64-darwin-17

DEPENDENCIES

BUNDLED WITH
   2.2.1
